GEM
  remote: https://rubygems.org/
  specs:
    byebug (10.0.2)
    coderay (1.1.2)
    diff-lcs (1.3)
    irb (1.0.0)
    method_source (0.9.2)
    mini_portile2 (2.1.0)
    nokogiri (1.6.8.1)
      mini_portile2 (~> 2.1.0)
    pry (0.12.2)
      coderay (~> 1.1.0)
      method_source (~> 0.9.0)
    pry-byebug (3.6.0)
      byebug (~> 10.0)
      pry (~> 0.10)
    rake (12.3.2)
    rspec (3.8.0)
      rspec-core (~> 3.8.0)
      rspec-expectations (~> 3.8.0)
      rspec-mocks (~> 3.8.0)
    rspec-core (3.8.0)
      rspec-support (~> 3.8.0)
    rspec-expectations (3.8.2)
      diff-lcs (>= 1.2.0, < 2.0)
      rspec-support (~> 3.8.0)
    rspec-mocks (3.8.0)
      diff-lcs (>= 1.2.0, < 2.0)
      rspec-support (~> 3.8.0)
    rspec-support (3.8.0)
    ruby-oci8 (2.2.7)
    ruby-plsql (0.7.1)
    ruby-plsql-spec (0.5.0)
      nokogiri (~> 1.6.0)
      rspec (>= 2.0, < 4.0)
      rspec-support (>= 3.1, < 4.0)
      ruby-plsql (~> 0.5)
      thor (~> 0.19.1)
    thor (0.19.4)

PLATFORMS
  ruby

DEPENDENCIES
  irb
  pry-byebug
  rake
  rspec
  ruby-oci8
  ruby-plsql
  ruby-plsql-spec

BUNDLED WITH
   2.0.1
